GEM
  remote: https://rubygems.org/
  specs:
    coderay (1.1.3)
    method_source (1.0.0)
    mustermann (2.0.2)
      ruby2_keywords (~> 0.0.1)
    pry (0.14.1)
      coderay (~> 1.1)
      method_source (~> 1.0)
    rack (2.2.3)
    rack-protection (2.2.4)
      rack
    rack-test (1.1.0)
      rack (>= 1.0, < 3)
    rspec-core (3.12.2)
      rspec-support (~> 3.12.0)
    rspec-support (3.12.0)
    ruby2_keywords (0.0.5)
    sinatra (2.2.4)
      mustermann (~> 2.0)
      rack (~> 2.2)
      rack-protection (= 2.2.4)
      tilt (~> 2.0)
    tilt (2.2.0)
    webrick (1.7.0)

PLATFORMS
  universal-darwin-20
  universal-darwin-21

DEPENDENCIES
  pry
  rack (~> 2.2)
  rack-test (~> 1.1)
  rspec-core (~> 3.12)
  sinatra (~> 2.2)
  webrick (~> 1.7)

BUNDLED WITH
   2.2.30
